FRAMEWORK: NET452
NUGET
  remote: http://www.nuget.org/api/v2
    Microsoft.CodeAnalysis.Analyzers (1.1)
    Microsoft.CodeAnalysis.Common (1.2.1)
      Microsoft.CodeAnalysis.Analyzers (>= 1.1)
      System.Collections.Immutable (>= 1.1.37)
      System.Reflection.Metadata (>= 1.2)
    Microsoft.CodeAnalysis.CSharp (1.2.1)
      Microsoft.CodeAnalysis.Common (1.2.1)
    Microsoft.CodeAnalysis.CSharp.Workspaces (1.2.1)
      Microsoft.CodeAnalysis.CSharp (1.2.1)
      Microsoft.CodeAnalysis.Workspaces.Common (1.2.1)
    Microsoft.CodeAnalysis.Workspaces.Common (1.2.1)
      Microsoft.CodeAnalysis.Common (1.2.1)
      Microsoft.Composition (>= 1.0.27)
    Microsoft.Composition (1.0.27)
    System.Collections.Immutable (1.1.37)
    System.Reflection.Metadata (1.2)
      System.Collections.Immutable (>= 1.1.37)

GROUP Analyzers
NUGET
  remote: http://www.nuget.org/api/v2
    JetBrains.Annotations (10.1.5)
      System.Runtime (>= 4.0) - framework: dnxcore50
    Microsoft.NETCore.Platforms (1.0.1) - framework: dnxcore50
    Microsoft.NETCore.Targets (1.0.1) - framework: dnxcore50
    StyleCop.Analyzers (1.0)
    System.Runtime (4.1) - framework: dnxcore50
      Microsoft.NETCore.Platforms (>= 1.0.1) - framework: dnxcore50, netstandard10, netstandard12, netstandard13, >= netstandard15
      Microsoft.NETCore.Targets (>= 1.0.1) - framework: dnxcore50, netstandard10, netstandard12, netstandard13, >= netstandard15

GROUP Test
NUGET
  remote: http://www.nuget.org/api/v2
    NUnit (3.4.1)
