REDIRECTS: ON
FRAMEWORK: NET452, PORTABLE-NET45+WIN8
NUGET
  remote: http://www.nuget.org/api/v2
    Microsoft.CodeAnalysis.Analyzers (1.1)
    Microsoft.CodeAnalysis.Common (1.3.2)
      Microsoft.CodeAnalysis.Analyzers (>= 1.1)
      System.AppContext (>= 4.1) - framework: net452
      System.Collections (>= 4.0.11) - framework: net452
      System.Collections.Concurrent (>= 4.0.12) - framework: net452
      System.Collections.Immutable (>= 1.1.37)
      System.Collections.Immutable (>= 1.2) - framework: net452
      System.Console (>= 4.0) - framework: net452
      System.Diagnostics.Debug (>= 4.0.11) - framework: net452
      System.Diagnostics.FileVersionInfo (>= 4.0) - framework: net452
      System.Diagnostics.StackTrace (>= 4.0.1) - framework: net452
      System.Diagnostics.Tools (>= 4.0.1) - framework: net452
      System.Dynamic.Runtime (>= 4.0.11) - framework: net452
      System.Globalization (>= 4.0.11) - framework: net452
      System.IO.FileSystem (>= 4.0.1) - framework: net452
      System.IO.FileSystem.Primitives (>= 4.0.1) - framework: net452
      System.Linq (>= 4.1) - framework: net452
      System.Linq.Expressions (>= 4.1) - framework: net452
      System.Reflection (>= 4.1) - framework: net452
      System.Reflection.Metadata (>= 1.2)
      System.Reflection.Metadata (>= 1.3) - framework: net452
      System.Reflection.Primitives (>= 4.0.1) - framework: net452
      System.Resources.ResourceManager (>= 4.0.1) - framework: net452
      System.Runtime (>= 4.1) - framework: net452
      System.Runtime.Extensions (>= 4.1) - framework: net452
      System.Runtime.Handles (>= 4.0.1) - framework: net452
      System.Runtime.InteropServices (>= 4.1) - framework: net452
      System.Runtime.Numerics (>= 4.0.1) - framework: net452
      System.Security.Cryptography.Algorithms (>= 4.2) - framework: net452
      System.Security.Cryptography.Encoding (>= 4.0) - framework: net452
      System.Security.Cryptography.X509Certificates (>= 4.1) - framework: net452
      System.Text.Encoding (>= 4.0.11) - framework: net452
      System.Text.Encoding.CodePages (>= 4.0.1) - framework: net452
      System.Text.Encoding.Extensions (>= 4.0.11) - framework: net452
      System.Threading (>= 4.0.11) - framework: net452
      System.Threading.Tasks (>= 4.0.11) - framework: net452
      System.Threading.Tasks.Parallel (>= 4.0.1) - framework: net452
      System.Threading.Thread (>= 4.0) - framework: net452
      System.Xml.ReaderWriter (>= 4.0.11) - framework: net452
      System.Xml.XDocument (>= 4.0.11) - framework: net452
      System.Xml.XmlDocument (>= 4.0.1) - framework: net452
      System.Xml.XPath.XDocument (>= 4.0.1) - framework: net452
    Microsoft.CodeAnalysis.CSharp (1.3.2)
      Microsoft.CodeAnalysis.Common (1.3.2)
    Microsoft.CodeAnalysis.CSharp.Workspaces (1.3.2)
      Microsoft.CodeAnalysis.CSharp (1.3.2)
      Microsoft.CodeAnalysis.Workspaces.Common (1.3.2)
    Microsoft.CodeAnalysis.Workspaces.Common (1.3.2)
      Microsoft.CodeAnalysis.Common (1.3.2)
      Microsoft.Composition (>= 1.0.27)
    Microsoft.Composition (1.0.30)
    System.AppContext (4.3) - framework: net452
    System.Collections (4.3)
    System.Collections.Concurrent (4.3) - framework: net452
    System.Collections.Immutable (1.3.1)
      System.Collections (>= 4.3)
      System.Diagnostics.Debug (>= 4.3)
      System.Globalization (>= 4.3)
      System.Linq (>= 4.3)
      System.Resources.ResourceManager (>= 4.3)
      System.Runtime (>= 4.3)
      System.Runtime.Extensions (>= 4.3)
      System.Threading (>= 4.3)
    System.Console (4.3) - framework: net452
    System.Diagnostics.Debug (4.3)
    System.Diagnostics.FileVersionInfo (4.3) - framework: net452
    System.Diagnostics.StackTrace (4.3) - framework: net452
    System.Diagnostics.Tools (4.3) - framework: net452
    System.Dynamic.Runtime (4.3) - framework: net452
    System.Globalization (4.3)
    System.IO (4.3) - framework: net452
    System.IO.Compression (4.3) - framework: net452
    System.IO.FileSystem (4.3) - framework: net452
    System.IO.FileSystem.Primitives (4.3) - framework: net452
    System.Linq (4.3)
    System.Linq.Expressions (4.3) - framework: net452
    System.Reflection (4.3)
    System.Reflection.Extensions (4.3) - framework: net452
    System.Reflection.Metadata (1.4.2)
      System.Collections (>= 4.3)
      System.Collections.Immutable (>= 1.1.37) - framework: portable-net45+win8
      System.Collections.Immutable (>= 1.3.1) - framework: net452
      System.Diagnostics.Debug (>= 4.3)
      System.IO (>= 4.3)
      System.IO.Compression (>= 4.3)
      System.Linq (>= 4.3)
      System.Reflection (>= 4.3)
      System.Reflection.Extensions (>= 4.3)
      System.Reflection.Primitives (>= 4.3)
      System.Resources.ResourceManager (>= 4.3)
      System.Runtime (>= 4.3)
      System.Runtime.Extensions (>= 4.3)
      System.Runtime.InteropServices (>= 4.3)
      System.Text.Encoding (>= 4.3)
      System.Text.Encoding.Extensions (>= 4.3)
      System.Threading (>= 4.3)
    System.Reflection.Primitives (4.3)
    System.Resources.ResourceManager (4.3)
    System.Runtime (4.3)
    System.Runtime.Extensions (4.3)
    System.Runtime.Handles (4.3) - framework: net452
    System.Runtime.InteropServices (4.3)
    System.Runtime.Numerics (4.3) - framework: net452
    System.Security.Cryptography.Algorithms (4.3) - framework: net452
    System.Security.Cryptography.Encoding (4.3) - framework: net452
    System.Security.Cryptography.X509Certificates (4.3) - framework: net452
    System.Text.Encoding (4.3)
    System.Text.Encoding.CodePages (4.3) - framework: net452
    System.Text.Encoding.Extensions (4.3)
    System.Threading (4.3)
    System.Threading.Tasks (4.3) - framework: net452
    System.Threading.Tasks.Parallel (4.3) - framework: net452
    System.Threading.Thread (4.3) - framework: net452
    System.Xml.ReaderWriter (4.3) - framework: net452
    System.Xml.XDocument (4.3) - framework: net452
    System.Xml.XmlDocument (4.3) - framework: net452
    System.Xml.XPath.XDocument (4.3) - framework: net452

GROUP Analyzers
FRAMEWORK: NET452
NUGET
  remote: http://www.nuget.org/api/v2
    AsyncUsageAnalyzers (1.0.0-alpha003)
    JetBrains.Annotations (10.2.1)
    Microsoft.CodeAnalysis.Analyzers (1.1)
    StyleCop.Analyzers (1.0)

GROUP Test
FRAMEWORK: NET452
NUGET
  remote: http://www.nuget.org/api/v2
    NUnit (3.4.1)
