FRAMEWORK: PORTABLE-NET45+WIN8, NET452
NUGET
  remote: http://www.nuget.org/api/v2
    Microsoft.CodeAnalysis.Analyzers (1.1) - framework: net452, portable-net45+win8
    Microsoft.CodeAnalysis.Common (1.2.1) - framework: net452, portable-net45+win8
      Microsoft.CodeAnalysis.Analyzers (>= 1.1) - framework: net452, portable-net45+win8
      System.Collections.Immutable (>= 1.1.37) - framework: net452, portable-net45+win8
      System.Reflection.Metadata (>= 1.2) - framework: net452, portable-net45+win8
    Microsoft.CodeAnalysis.CSharp (1.2.1) - framework: net452, portable-net45+win8
      Microsoft.CodeAnalysis.Common (1.2.1) - framework: net452, portable-net45+win8
    Microsoft.CodeAnalysis.CSharp.Workspaces (1.2.1)
      Microsoft.CodeAnalysis.CSharp (1.2.1) - framework: net452, portable-net45+win8
      Microsoft.CodeAnalysis.Workspaces.Common (1.2.1) - framework: net452, portable-net45+win8
    Microsoft.CodeAnalysis.Workspaces.Common (1.2.1) - framework: net452, portable-net45+win8
      Microsoft.CodeAnalysis.Common (1.2.1) - framework: net452, portable-net45+win8
      Microsoft.Composition (>= 1.0.27) - framework: net452, portable-net45+win8
    Microsoft.Composition (1.0.27) - framework: net452, portable-net45+win8
    Microsoft.NETCore.Platforms (1.0.1) - framework: net452, portable-net45+win8
    Microsoft.NETCore.Targets (1.0.1) - framework: net452, portable-net45+win8
    System.Collections (4.0.11) - framework: net452, portable-net45+win8
      Microsoft.NETCore.Platforms (>= 1.0.1)
      Microsoft.NETCore.Targets (>= 1.0.1)
      System.Runtime (>= 4.1)
    System.Collections.Immutable (1.1.37) - framework: net452, portable-net45+win8
      System.Collections (>= 4.0)
      System.Diagnostics.Debug (>= 4.0)
      System.Globalization (>= 4.0)
      System.Linq (>= 4.0)
      System.Resources.ResourceManager (>= 4.0)
      System.Runtime (>= 4.0)
      System.Runtime.Extensions (>= 4.0)
      System.Threading (>= 4.0)
    System.Diagnostics.Debug (4.0.11) - framework: net452, portable-net45+win8
      Microsoft.NETCore.Platforms (>= 1.0.1)
      Microsoft.NETCore.Targets (>= 1.0.1)
      System.Runtime (>= 4.1)
    System.Globalization (4.0.11) - framework: net452, portable-net45+win8
      Microsoft.NETCore.Platforms (>= 1.0.1)
      Microsoft.NETCore.Targets (>= 1.0.1)
      System.Runtime (>= 4.1)
    System.IO (4.1) - framework: net452, portable-net45+win8
      Microsoft.NETCore.Platforms (>= 1.0.1)
      Microsoft.NETCore.Targets (>= 1.0.1)
      System.Runtime (>= 4.1)
      System.Text.Encoding (>= 4.0.11)
      System.Threading.Tasks (>= 4.0.11)
    System.Linq (4.1) - framework: net452, portable-net45+win8
      System.Collections (>= 4.0.11)
      System.Diagnostics.Debug (>= 4.0.11)
      System.Resources.ResourceManager (>= 4.0.1)
      System.Runtime (>= 4.1)
      System.Runtime.Extensions (>= 4.1)
    System.Reflection (4.1) - framework: net452, portable-net45+win8
      Microsoft.NETCore.Platforms (>= 1.0.1)
      Microsoft.NETCore.Targets (>= 1.0.1)
      System.IO (>= 4.1)
      System.Reflection.Primitives (>= 4.0.1)
      System.Runtime (>= 4.1)
    System.Reflection.Extensions (4.0.1) - framework: net452, portable-net45+win8
      Microsoft.NETCore.Platforms (>= 1.0.1)
      Microsoft.NETCore.Targets (>= 1.0.1)
      System.Reflection (>= 4.1)
      System.Runtime (>= 4.1)
    System.Reflection.Metadata (1.2) - framework: net452, portable-net45+win8
      System.Collections (>= 4.0)
      System.Collections.Immutable (>= 1.1.37) - framework: net452, portable-net45+win8
      System.Diagnostics.Debug (>= 4.0)
      System.IO (>= 4.0)
      System.Linq (>= 4.0)
      System.Reflection (>= 4.0)
      System.Reflection.Extensions (>= 4.0)
      System.Reflection.Primitives (>= 4.0)
      System.Resources.ResourceManager (>= 4.0)
      System.Runtime (>= 4.0)
      System.Runtime.Extensions (>= 4.0)
      System.Runtime.InteropServices (>= 4.0)
      System.Text.Encoding (>= 4.0)
      System.Text.Encoding.Extensions (>= 4.0)
      System.Threading (>= 4.0)
    System.Reflection.Primitives (4.0.1) - framework: net452, portable-net45+win8
      Microsoft.NETCore.Platforms (>= 1.0.1)
      Microsoft.NETCore.Targets (>= 1.0.1)
      System.Runtime (>= 4.1)
    System.Resources.ResourceManager (4.0.1) - framework: net452, portable-net45+win8
      Microsoft.NETCore.Platforms (>= 1.0.1)
      Microsoft.NETCore.Targets (>= 1.0.1)
      System.Globalization (>= 4.0.11)
      System.Reflection (>= 4.1)
      System.Runtime (>= 4.1)
    System.Runtime (4.1) - framework: net452, portable-net45+win8
      Microsoft.NETCore.Platforms (>= 1.0.1)
      Microsoft.NETCore.Targets (>= 1.0.1)
    System.Runtime.Extensions (4.1) - framework: net452, portable-net45+win8
      Microsoft.NETCore.Platforms (>= 1.0.1)
      Microsoft.NETCore.Targets (>= 1.0.1)
      System.Runtime (>= 4.1)
    System.Runtime.Handles (4.0.1) - framework: net452, portable-net45+win8
      Microsoft.NETCore.Platforms (>= 1.0.1)
      Microsoft.NETCore.Targets (>= 1.0.1)
      System.Runtime (>= 4.1)
    System.Runtime.InteropServices (4.1) - framework: net452, portable-net45+win8
      Microsoft.NETCore.Platforms (>= 1.0.1)
      Microsoft.NETCore.Targets (>= 1.0.1)
      System.Reflection (>= 4.1)
      System.Reflection.Primitives (>= 4.0.1)
      System.Runtime (>= 4.1)
      System.Runtime.Handles (>= 4.0.1)
    System.Text.Encoding (4.0.11) - framework: net452, portable-net45+win8
      Microsoft.NETCore.Platforms (>= 1.0.1)
      Microsoft.NETCore.Targets (>= 1.0.1)
      System.Runtime (>= 4.1)
    System.Text.Encoding.Extensions (4.0.11) - framework: net452, portable-net45+win8
      Microsoft.NETCore.Platforms (>= 1.0.1)
      Microsoft.NETCore.Targets (>= 1.0.1)
      System.Runtime (>= 4.1)
      System.Text.Encoding (>= 4.0.11)
    System.Threading (4.0.11) - framework: net452, portable-net45+win8
      System.Runtime (>= 4.1)
      System.Threading.Tasks (>= 4.0.11)
    System.Threading.Tasks (4.0.11) - framework: net452, portable-net45+win8
      Microsoft.NETCore.Platforms (>= 1.0.1)
      Microsoft.NETCore.Targets (>= 1.0.1)
      System.Runtime (>= 4.1)

GROUP Analyzers
NUGET
  remote: http://www.nuget.org/api/v2
    AsyncUsageAnalyzers (1.0.0-alpha003)
    JetBrains.Annotations (10.1.5)
      System.Runtime (>= 4.0) - framework: dnxcore50
    Microsoft.NETCore.Platforms (1.0.1) - framework: dnxcore50
    Microsoft.NETCore.Targets (1.0.1) - framework: dnxcore50
    StyleCop.Analyzers (1.0)
    System.Runtime (4.1) - framework: dnxcore50
      Microsoft.NETCore.Platforms (>= 1.0.1) - framework: dnxcore50, netstandard10, netstandard12, netstandard13, >= netstandard15
      Microsoft.NETCore.Targets (>= 1.0.1) - framework: dnxcore50, netstandard10, netstandard12, netstandard13, >= netstandard15

GROUP Test
FRAMEWORK: NET452
NUGET
  remote: http://www.nuget.org/api/v2
    NUnit (3.4.1)
