FRAMEWORK: NET452
NUGET
  remote: http://www.nuget.org/api/v2
    Microsoft.CodeAnalysis.Analyzers (1.1)
    Microsoft.CodeAnalysis.Common (1.2.1)
      Microsoft.CodeAnalysis.Analyzers (>= 1.1)
      System.Collections.Immutable (>= 1.1.37)
      System.Reflection.Metadata (>= 1.2)
    Microsoft.CodeAnalysis.CSharp (1.2.1)
      Microsoft.CodeAnalysis.Common (1.2.1)
    Microsoft.CodeAnalysis.CSharp.Workspaces (1.2.1)
      Microsoft.CodeAnalysis.CSharp (1.2.1)
      Microsoft.CodeAnalysis.Workspaces.Common (1.2.1)
    Microsoft.CodeAnalysis.Workspaces.Common (1.2.1)
      Microsoft.CodeAnalysis.Common (1.2.1)
      Microsoft.Composition (>= 1.0.27)
    Microsoft.Composition (1.0.27)
    System.Collections.Immutable (1.1.37)
    System.Reflection.Metadata (1.2)
      System.Collections.Immutable (>= 1.1.37)

GROUP Analyzers
FRAMEWORK: NET452
NUGET
  remote: http://www.nuget.org/api/v2
    AsyncUsageAnalyzers (1.0.0-alpha003)
    JetBrains.Annotations (10.1.5)
    StyleCop.Analyzers (1.0)

GROUP Test
FRAMEWORK: NET452
NUGET
  remote: http://www.nuget.org/api/v2
    NUnit (3.4.1)
